GEM
  remote: http://rubygems.org/
  specs:
    carbonator (0.0.8)
      kv (= 0.0.5)
    daemons (1.1.9)
    eventmachine (1.0.0)
    foreman (0.60.2)
      thor (>= 0.13.6)
    json (1.7.5)
    kv (0.0.5)
    rack (1.4.1)
    rack-protection (1.3.2)
      rack
    scrolls (0.2.4)
    sinatra (1.3.3)
      rack (~> 1.3, >= 1.3.6)
      rack-protection (~> 1.2)
      tilt (~> 1.3, >= 1.3.3)
    thin (1.5.0)
      daemons (>= 1.0.9)
      eventmachine (>= 0.12.6)
      rack (>= 1.0.0)
    thor (0.16.0)
    tilt (1.3.3)

PLATFORMS
  ruby

DEPENDENCIES
  carbonator (= 0.0.8)
  foreman
  json
  scrolls
  sinatra
  thin
